GEM
  remote: https://rubygems.org/
  specs:
    safe_yaml (1.0.3)

PLATFORMS
  ruby

DEPENDENCIES
  safe_yaml
