GEM
  remote: https://rubygems.org/
  specs:
    safe_yaml (1.0.4)
    steplib (0.9.0.5)

PLATFORMS
  ruby

DEPENDENCIES
  safe_yaml
  steplib
